GEM
  remote: https://rubygems.org/
  specs:
    kgio (2.11.4)
    rack (2.2.4)
    raindrops (0.20.0)
    unicorn (6.1.0)
      kgio (~> 2.6)
      raindrops (~> 0.7)

PLATFORMS
  ruby

DEPENDENCIES
  rack
  unicorn

RUBY VERSION
   ruby 3.1.2p20

BUNDLED WITH
   2.3.17
